PATH
  remote: .
  specs:
    nest-api (0.0.1)
      awesome_print
      cistern (~> 2.8.2)
      excon (~> 0.45.5)
      faraday (~> 0.15.4)
      faraday_middleware
      oj

GEM
  remote: https://rubygems.org/
  specs:
    awesome_print (1.8.0)
    byebug (11.0.1)
    cistern (2.8.2)
    coderay (1.1.2)
    diff-lcs (1.3)
    dotenv (2.7.1)
    excon (0.45.5)
    faraday (0.15.4)
      multipart-post (>= 1.2, < 3)
    faraday_middleware (0.13.1)
      faraday (>= 0.7.4, < 1.0)
    method_source (0.9.2)
    multipart-post (2.0.0)
    oj (3.6.2)
    pry (0.12.2)
      coderay (~> 1.1.0)
      method_source (~> 0.9.0)
    pry-byebug (3.7.0)
      byebug (~> 11.0)
      pry (~> 0.10)
    rspec (3.8.0)
      rspec-core (~> 3.8.0)
      rspec-expectations (~> 3.8.0)
      rspec-mocks (~> 3.8.0)
    rspec-core (3.8.0)
      rspec-support (~> 3.8.0)
    rspec-expectations (3.8.2)
      diff-lcs (>= 1.2.0, < 2.0)
      rspec-support (~> 3.8.0)
    rspec-mocks (3.8.0)
      diff-lcs (>= 1.2.0, < 2.0)
      rspec-support (~> 3.8.0)
    rspec-support (3.8.0)

PLATFORMS
  ruby

DEPENDENCIES
  byebug
  dotenv
  nest-api!
  pry-byebug
  rspec

BUNDLED WITH
   2.0.1
